GEM
  remote: https://rubygems.org/
  specs:
    webrick (1.7.0)

PLATFORMS
  x64-mingw32

DEPENDENCIES
  webrick

BUNDLED WITH
   2.2.15
